PATH
  remote: .
  specs:
    cbthelper (1.0.0)

GEM
  remote: https://rubygems.org/
  specs:
    rake (13.0.1)

PLATFORMS
  ruby

DEPENDENCIES
  bundler (~> 2.1)
  cbthelper!
  rake (~> 13.0)

BUNDLED WITH
   1.16.6
